GEM
  remote: https://rubygems.org/
  specs:
    faraday (0.17.0)
      multipart-post (>= 1.2, < 3)
    jwt (2.2.1)
    multipart-post (2.1.1)
    mustermann (1.0.3)
    rack (2.0.8)
    rack-protection (2.0.7)
      rack
    sinatra (2.0.7)
      mustermann (~> 1.0)
      rack (~> 2.0)
      rack-protection (= 2.0.7)
      tilt (~> 2.0)
    tilt (2.0.10)

PLATFORMS
  ruby

DEPENDENCIES
  faraday (>= 0.17.0)
  jwt (>= 2.2.1)
  sinatra (>= 2.0.0)

BUNDLED WITH
   2.0.2
